GIT
  remote: https://github.com/matsubara0507/minruby-gem.git
  revision: 19eb1e9c2979f17009454936da1f5983a2802a2b
  branch: pattern-match
  specs:
    minruby (1.0.4)

GEM
  remote: https://rubygems.org/
  specs:

PLATFORMS
  ruby

DEPENDENCIES
  minruby!

BUNDLED WITH
   2.1.0.pre.1
