GEM
  remote: https://rubygems.org/
  specs:
    minruby (1.0.4)

PLATFORMS
  ruby

DEPENDENCIES
  minruby

BUNDLED WITH
   2.1.0.pre.1
